GEM
  remote: https://rubygems.org/
  specs:
    dnssd (3.0.1)
    domain_name (0.5.20161129)
      unf (>= 0.0.5, < 1.0.0)
    http-cookie (1.0.3)
      domain_name (~> 0.5)
    mime-types (3.1)
      mime-types-data (~> 3.2015)
    mime-types-data (3.2016.0521)
    mini_portile2 (2.1.0)
    netrc (0.11.0)
    nokogiri (1.7.0)
      mini_portile2 (~> 2.1.0)
    nori (2.6.0)
    rest-client (2.0.0)
      http-cookie (>= 1.0.2, < 2.0)
      mime-types (>= 1.16, < 4.0)
      netrc (~> 0.8)
    simple_upnp (1.0.0)
      nori (~> 2.6)
    unf (0.1.4)
      unf_ext
    unf_ext (0.0.7.2)

PLATFORMS
  ruby

DEPENDENCIES
  dnssd
  nokogiri
  nori
  rest-client
  simple_upnp

BUNDLED WITH
   1.13.1
